PATH
  remote: .
  specs:
    spiffy (0.0.1)
      RedCloth (~> 4.2.9)
      asciidoctor (~> 1.5.2)
      creole (~> 0.5.0)
      github-markup (~> 1.3.3)
      haml (~> 4.0.6)
      org-ruby (~> 0.9.12)
      rdoc (= 3.6.1)
      redcarpet (= 3.2.2)
      wikicloth (~> 0.8.2)

GEM
  remote: https://rubygems.org/
  specs:
    RedCloth (4.2.9)
    asciidoctor (1.5.2)
    builder (3.2.2)
    creole (0.5.0)
    expression_parser (0.9.0)
    github-markup (1.3.3)
    haml (4.0.6)
      tilt
    org-ruby (0.9.12)
      rubypants (~> 0.2)
    rdoc (3.6.1)
    redcarpet (3.2.2)
    rubypants (0.2.0)
    tilt (2.0.1)
    twitter-text (1.11.0)
      unf (~> 0.1.0)
    unf (0.1.4)
      unf_ext
    unf_ext (0.0.6)
    wikicloth (0.8.2)
      builder
      expression_parser
      twitter-text

PLATFORMS
  ruby

DEPENDENCIES
  spiffy!
