PATH
  remote: .
  specs:
    spiffy (0.0.3)
      redcarpet (~> 3.2, >= 3.2.2)

GEM
  remote: https://rubygems.org/
  specs:
    redcarpet (3.2.2)

PLATFORMS
  ruby

DEPENDENCIES
  spiffy!
