PATH
  remote: .
  specs:
    spiffy (0.0.17)
      github-markdown (~> 0.6, >= 0.6.8)
      github-markup (~> 1.3, >= 1.3.3)
      haml (~> 4.0, >= 4.0.6)
      pdfkit (~> 0.6, >= 0.6.2)
      wkhtmltopdf-binary (~> 0.9, >= 0.9.9.3)

GEM
  remote: https://rubygems.org/
  specs:
    github-markdown (0.6.8)
    github-markup (1.3.3)
    haml (4.0.6)
      tilt
    pdfkit (0.6.2)
    tilt (2.0.1)
    wkhtmltopdf-binary (0.9.9.3)

PLATFORMS
  ruby

DEPENDENCIES
  spiffy!
